GEM
  remote: http://rubygems.org/
  specs:
    activemodel (3.1.2)
      activesupport (= 3.1.2)
      builder (~> 3.0.0)
      i18n (~> 0.6)
    activesupport (3.1.2)
      multi_json (~> 1.0)
    addressable (2.2.6)
    bson (1.4.0)
    bson_ext (1.4.0)
    builder (3.0.0)
    daemons (1.1.4)
    eventmachine (0.12.10)
    factory_girl (2.1.2)
      activesupport
    faraday (0.7.5)
      addressable (~> 2.2.6)
      multipart-post (~> 1.1.3)
      rack (>= 1.1.0, < 2)
    guard (0.8.8)
      thor (~> 0.14.6)
    guard-minitest (0.4.0)
      guard (~> 0.4)
    hashie (1.2.0)
    heroku (2.14.0)
      launchy (>= 0.3.2)
      rest-client (~> 1.6.1)
      rubyzip
      term-ansicolor (~> 1.0.5)
    i18n (0.6.0)
    json (1.6.1)
    launchy (2.0.5)
      addressable (~> 2.2.6)
    mime-types (1.17.2)
    minitest (2.7.0)
    mongo (1.4.0)
      bson (= 1.4.0)
    mongo_mapper (0.10.1)
      activemodel (~> 3.0)
      activesupport (~> 3.0)
      plucky (~> 0.4.0)
    multi_json (1.0.3)
    multipart-post (1.1.4)
    oauth2 (0.5.1)
      faraday (~> 0.7.4)
      multi_json (~> 1.0.3)
    omniauth (1.0.1)
      hashie (~> 1.2)
      rack
    omniauth-google-oauth2 (0.1.7)
      omniauth (~> 1.0)
      omniauth-oauth2
    omniauth-oauth2 (1.0.0)
      oauth2 (~> 0.5.0)
      omniauth (~> 1.0)
    plucky (0.4.3)
      mongo (~> 1.3)
    rack (1.3.5)
    rack-test (0.6.1)
      rack (>= 1.0)
    rake (0.9.2.2)
    rb-fsevent (0.4.3.1)
    rest-client (1.6.7)
      mime-types (>= 1.16)
    rubyzip (0.9.4)
    sass (3.1.10)
    shotgun (0.9)
      rack (>= 1.0)
    sinatra (1.1.0)
      rack (~> 1.1)
      tilt (~> 1.1)
    sinatra-flash (0.3.0)
      sinatra (>= 1.0.0)
    term-ansicolor (1.0.7)
    thin (1.2.7)
      daemons (>= 1.0.9)
      eventmachine (>= 0.12.6)
      rack (>= 1.0.0)
    thor (0.14.6)
    tilt (1.3.3)

PLATFORMS
  ruby

DEPENDENCIES
  bson_ext
  factory_girl (~> 2.1.0)
  guard
  guard-minitest
  heroku
  json
  minitest
  mongo_mapper
  omniauth
  omniauth-google-oauth2
  rack-test
  rake
  rb-fsevent
  sass
  shotgun
  sinatra (= 1.1.0)
  sinatra-flash
  thin (= 1.2.7)
